REDIRECTS: ON
FRAMEWORK: >= NET452
NUGET
  remote: https://www.nuget.org/api/v2
    Alea.CUDA (2.2.0.3307)
    Alea.CUDA.IL (2.2.0.3307)
      Alea.CUDA (2.2.0.3307)
      Alea.IL (2.2.0.3307)
    Alea.CUDA.Unbound (2.2.0.3307)
      Alea.CUDA (2.2.0.3307)
      Alea.CUDA.IL (2.2.0.3307)
      Alea.IL (2.2.0.3307)
    Alea.IL (2.2.0.3307)
    EmguCV (3.1.0.1)
      OpenTK (>= 1.1.2225)
      OpenTK.GLControl (>= 1.1.2225)
      ZedGraph (>= 5.1.5)
    FsCheck (2.5)
      FSharp.Core (>= 3.1.2.5)
    FSharp.Charting (0.90.14)
    FSharp.Core (4.0.0.1)
    MathNet.Numerics (3.11.1)
    MathNet.Numerics.FSharp (3.11.1)
      FSharp.Core (>= 3.1.2.5)
      MathNet.Numerics (3.11.1)
    NUnit (3.2.1)
    OpenTK (1.1.2349.61993)
    OpenTK.GLControl (1.1.2349.61993)
      OpenTK (>= 1.1.2349.61993)
    ZedGraph (5.1.7)
